GIT
  remote: https://github.com/orbitalimpact/opal-phaser
  revision: 867d4396a92a419f4fd190ef623d874563b96a45
  specs:
    opal-phaser (0.2.0)
      opal (>= 0.7.0, < 0.9.0)

GEM
  remote: https://rubygems.org/
  specs:
    hike (1.2.3)
    multi_json (1.11.1)
    opal (0.7.2)
      hike (~> 1.2)
      sourcemap (~> 0.1.0)
      sprockets (>= 2.2.3, < 3.0.0)
      tilt (~> 1.4)
    opal-browser (0.1.0.beta1)
      opal (>= 0.5.5)
      paggio
    paggio (0.2.4)
    rack (1.6.1)
    rack-protection (1.5.3)
      rack
    sinatra (1.4.5)
      rack (~> 1.4)
      rack-protection (~> 1.4)
      tilt (~> 1.3, >= 1.3.4)
    sourcemap (0.1.1)
    sprockets (2.12.3)
      hike (~> 1.2)
      multi_json (~> 1.0)
      rack (~> 1.0)
      tilt (~> 1.1, != 1.3.0)
    tilt (1.4.1)

PLATFORMS
  ruby

DEPENDENCIES
  opal-browser
  opal-phaser!
  sinatra (= 1.4.5)
  sprockets (~> 2)
