GIT
  remote: https://github.com/orbitalimpact/opal-phaser.git
  revision: 3bcf8d57b498b9b43bb87102c0584e668e3e2c54
  specs:
    opal-phaser (0.3.0)
      opal (>= 0.8.0, <= 0.9.0)
      opal-pixi

GEM
  remote: https://rubygems.org/
  specs:
    hike (1.2.3)
    opal (0.8.0)
      hike (~> 1.2)
      sourcemap (~> 0.1.0)
      sprockets (~> 3.1)
      tilt (>= 1.4)
    opal-pixi (0.2.1)
      opal (>= 0.7.0, < 0.9.0)
    rack (1.6.4)
    rack-protection (1.5.3)
      rack
    sinatra (1.4.5)
      rack (~> 1.4)
      rack-protection (~> 1.4)
      tilt (~> 1.3, >= 1.3.4)
    sourcemap (0.1.1)
    sprockets (3.2.0)
      rack (~> 1.0)
    tilt (1.4.1)

PLATFORMS
  ruby

DEPENDENCIES
  opal-phaser!
  sinatra (= 1.4.5)
  sprockets
